GEM
  remote: http://rubygems.org/
  specs:
    rack (1.4.1)
    rack-test (0.6.1)
      rack (>= 1.0)

PLATFORMS
  ruby

DEPENDENCIES
  rack-test
